GEM
  remote: https://rubygems.org/
  specs:
    bagit (0.3.2)
      docopt (~> 0.5.0)
      validatable (~> 1.6)
    docopt (0.5.0)
    mini_portile (0.6.1)
    nokogiri (1.6.4.1)
      mini_portile (~> 0.6.0)
    trollop (2.0)
    validatable (1.6.7)

PLATFORMS
  ruby

DEPENDENCIES
  bagit
  nokogiri
  trollop
