PATH
  remote: .
  specs:
    validate_oh_batch (0.0.2)
      bagit (~> 0.3)
      nokogiri (~> 1.6)
      trollop (~> 2)

GEM
  remote: https://rubygems.org/
  specs:
    bagit (0.3.2)
      docopt (~> 0.5.0)
      validatable (~> 1.6)
    docopt (0.5.0)
    mini_portile (0.6.1)
    nokogiri (1.6.4.1)
      mini_portile (~> 0.6.0)
    rake (10.3.2)
    trollop (2.0)
    validatable (1.6.7)

PLATFORMS
  ruby

DEPENDENCIES
  bundler (~> 1.7)
  rake (~> 10.0)
  validate_oh_batch!
